PATH
  remote: .
  specs:
    packagecloud-ruby (1.0.4)
      excon (~> 0.40)
      json_pure (~> 1)
      mime (~> 0.4)
      multi_json (~> 1.0)

GEM
  remote: https://rubygems.org/
  specs:
    diff-lcs (1.2.5)
    docile (1.1.5)
    excon (0.51.0)
    json (1.8.3)
    json_pure (1.8.3)
    mime (0.4.3)
    multi_json (1.12.1)
    rake (0.9.6)
    rspec (2.99.0)
      rspec-core (~> 2.99.0)
      rspec-expectations (~> 2.99.0)
      rspec-mocks (~> 2.99.0)
    rspec-core (2.99.2)
    rspec-expectations (2.99.2)
      diff-lcs (>= 1.1.3, < 2.0)
    rspec-mocks (2.99.4)
    rubygems-tasks (0.2.4)
    simplecov (0.12.0)
      docile (~> 1.1.0)
      json (>= 1.8, < 3)
      simplecov-html (~> 0.10.0)
    simplecov-html (0.10.0)
    yard (0.9.5)

PLATFORMS
  ruby

DEPENDENCIES
  bundler (~> 1.0)
  json (= 1.8.3)
  packagecloud-ruby!
  rake (~> 0.8)
  rspec (~> 2.4)
  rubygems-tasks (~> 0.2)
  simplecov (~> 0.9)
  yard (~> 0.8)

BUNDLED WITH
   1.12.5
